GEM
  remote: https://rubygems.org/
  specs:
    chunky_png (1.2.8)
    compass (0.13.alpha.4)
      chunky_png (~> 1.2)
      listen (<= 0.9.9)
      sass (~> 3.2.5)
    listen (0.7.3)
    rb-fsevent (0.9.3)
    sass (3.2.9)
    zurb-foundation (4.1.6)
      sass (>= 3.2.0)

PLATFORMS
  ruby

DEPENDENCIES
  compass (~> 0.13.alpha.4)
  rb-fsevent (~> 0.9)
  zurb-foundation (= 4.1.6)
